FRAMEWORK: NET45, NET461
NUGET
  remote: https://www.nuget.org/api/v2
    AutoFixture (3.50.2)
    Bogus (8.0.3)
      Newtonsoft.Json (>= 9.0.1)
    FluentAssertions (4.18)
    FluentValidation (6.2.1)
    FluentValidation.WebAPI (6.2.1)
      FluentValidation (>= 6.2.1)
      Microsoft.AspNet.WebApi.Core (>= 5.1 < 5.3)
    LightInject (4.1.5)
    LightInject.WebApi (1.1)
      LightInject (>= 4.1)
    Microsoft.AspNet.Cors (5.2.3)
    Microsoft.AspNet.WebApi.Client (5.2.3)
      Newtonsoft.Json (>= 6.0.4)
    Microsoft.AspNet.WebApi.Core (5.2.3)
      Microsoft.AspNet.WebApi.Client (>= 5.2.3)
    Microsoft.AspNet.WebApi.Owin (5.2.3)
      Microsoft.AspNet.WebApi.Core (>= 5.2.3 < 5.3)
      Microsoft.Owin (>= 2.0.2)
      Owin (>= 1.0)
    Microsoft.Extensions.Configuration (1.0)
    Microsoft.Extensions.Configuration.Abstractions (1.0)
    Microsoft.Extensions.Configuration.FileExtensions (1.0)
      Microsoft.Extensions.Configuration (>= 1.0) - framework: net461
      Microsoft.Extensions.FileProviders.Physical (>= 1.0) - framework: net461
    Microsoft.Extensions.Configuration.Json (1.0)
      Microsoft.Extensions.Configuration (>= 1.0) - framework: net461
      Microsoft.Extensions.Configuration.FileExtensions (>= 1.0) - framework: net461
      Newtonsoft.Json (>= 9.0.1) - framework: net461
    Microsoft.Extensions.FileProviders.Abstractions (1.0)
    Microsoft.Extensions.FileProviders.Physical (1.0)
      Microsoft.Extensions.FileProviders.Abstractions (>= 1.0) - framework: net461
      Microsoft.Extensions.FileSystemGlobbing (>= 1.0) - framework: net461
    Microsoft.Extensions.FileSystemGlobbing (1.0)
    Microsoft.Extensions.Primitives (1.0)
    Microsoft.Owin (3.0.1)
      Owin (>= 1.0)
    Microsoft.Owin.Cors (3.0.1)
      Microsoft.AspNet.Cors (>= 5.0)
      Microsoft.Owin (>= 3.0.1)
      Owin (>= 1.0)
    Microsoft.Owin.Host.SystemWeb (3.0.1)
      Microsoft.Owin (>= 3.0.1)
      Owin (>= 1.0)
    Newtonsoft.Json (9.0.1)
    NSubstitute (1.10)
    NUnit (3.5)
    Owin (1.0)
    Serilog (2.3)
    Serilog.Sinks.Async (1.0.1)
      Serilog (>= 2.1)
    Serilog.Sinks.File (3.1.1)
      Serilog (>= 2.3)
    Serilog.Sinks.RollingFile (3.2)
      Serilog.Sinks.File (>= 3.1)
    SimpleHelpers.ObjectDiffPatch (1.4)
      Newtonsoft.Json (>= 6.0.1)
    Swashbuckle.Core (5.5.3)
      Microsoft.AspNet.WebApi.Core (>= 4.0.20710)
