FRAMEWORK: NET45, NET461
NUGET
  remote: https://www.nuget.org/api/v2
    AutoFixture (3.49)
    Bogus (8.0.1)
      Newtonsoft.Json (>= 9.0.1)
    FluentAssertions (4.11)
    FluentValidation (6.2.1)
    FluentValidation.WebAPI (6.2.1)
      FluentValidation (>= 6.2.1)
      Microsoft.AspNet.WebApi.Core (>= 5.1 < 5.3)
    LightInject (4.0.11)
    LightInject.WebApi (1.0.0.4)
      LightInject (>= 3.0.2.7)
    Microsoft.AspNet.Cors (5.2.3)
    Microsoft.AspNet.WebApi.Client (5.2.3)
      Newtonsoft.Json (>= 6.0.4)
    Microsoft.AspNet.WebApi.Core (5.2.3)
      Microsoft.AspNet.WebApi.Client (>= 5.2.3)
    Microsoft.AspNet.WebApi.Owin (5.2.3)
      Microsoft.AspNet.WebApi.Core (>= 5.2.3 < 5.3)
      Microsoft.Owin (>= 2.0.2)
      Owin (>= 1.0)
    Microsoft.Extensions.Configuration (1.1)
      Microsoft.Extensions.Configuration.Abstractions (>= 1.1)
      NETStandard.Library (>= 1.6.1)
    Microsoft.Extensions.Configuration.Abstractions (1.1)
    Microsoft.Extensions.Configuration.Binder (1.1)
      Microsoft.Extensions.Configuration (>= 1.1)
      NETStandard.Library (>= 1.6.1)
      System.ComponentModel.TypeConverter (>= 4.3)
    Microsoft.Extensions.Configuration.FileExtensions (1.0) - framework: net461
      Microsoft.Extensions.Configuration (>= 1.0) - framework: net461
      Microsoft.Extensions.FileProviders.Physical (>= 1.0) - framework: net461
    Microsoft.Extensions.Configuration.Json (1.0)
      Microsoft.Extensions.Configuration (>= 1.0) - framework: net461
      Microsoft.Extensions.Configuration.FileExtensions (>= 1.0) - framework: net461
      Newtonsoft.Json (>= 9.0.1) - framework: net461
    Microsoft.Extensions.FileProviders.Abstractions (1.0) - framework: net461
    Microsoft.Extensions.FileProviders.Physical (1.0) - framework: net461
      Microsoft.Extensions.FileProviders.Abstractions (>= 1.0) - framework: net461
      Microsoft.Extensions.FileSystemGlobbing (>= 1.0) - framework: net461
    Microsoft.Extensions.FileSystemGlobbing (1.0) - framework: net461
    Microsoft.Extensions.Primitives (1.0)
    Microsoft.Owin (3.0.1)
      Owin (>= 1.0)
    Microsoft.Owin.Cors (3.0.1)
      Microsoft.AspNet.Cors (>= 5.0)
      Microsoft.Owin (>= 3.0.1)
      Owin (>= 1.0)
    Microsoft.Owin.Host.SystemWeb (3.0.1)
      Microsoft.Owin (>= 3.0.1)
      Owin (>= 1.0)
    Microsoft.Win32.Primitives (4.3) - framework: net461
    NETStandard.Library (1.6.1)
      Microsoft.Win32.Primitives (>= 4.3) - framework: net461
      System.AppContext (>= 4.3) - framework: net461
      System.Collections.Concurrent (>= 4.3)
      System.Console (>= 4.3) - framework: net461
      System.Diagnostics.Tracing (>= 4.3)
      System.Globalization.Calendars (>= 4.3) - framework: net461
      System.IO.Compression (>= 4.3)
      System.IO.Compression.ZipFile (>= 4.3) - framework: net461
      System.IO.FileSystem (>= 4.3) - framework: net461
      System.IO.FileSystem.Primitives (>= 4.3) - framework: net461
      System.Net.Http (>= 4.3)
      System.Net.Sockets (>= 4.3) - framework: net461
      System.Runtime.Handles (>= 4.3) - framework: net461
      System.Runtime.InteropServices (>= 4.3)
      System.Runtime.InteropServices.RuntimeInformation (>= 4.3)
      System.Runtime.Numerics (>= 4.3)
      System.Security.Cryptography.Algorithms (>= 4.3) - framework: net461
      System.Security.Cryptography.Encoding (>= 4.3) - framework: net461
      System.Security.Cryptography.Primitives (>= 4.3) - framework: net461
      System.Security.Cryptography.X509Certificates (>= 4.3) - framework: net461
      System.Threading.Timer (>= 4.3) - framework: net461
    Newtonsoft.Json (9.0.1)
    NSubstitute (1.10)
    NUnit (3.4.1)
    Owin (1.0)
    Serilog (2.3)
    Serilog.Sinks.Async (1.0.1)
      Serilog (>= 2.1)
    Serilog.Sinks.File (3.1.1)
      Serilog (>= 2.3)
    Serilog.Sinks.RollingFile (3.2)
      Serilog.Sinks.File (>= 3.1)
    SimpleHelpers.ObjectDiffPatch (1.4)
      Newtonsoft.Json (>= 6.0.1)
    Swashbuckle.Core (5.3.2)
      Microsoft.AspNet.WebApi.Core (>= 4.0.20710)
    System.AppContext (4.3) - framework: net461
    System.Collections.Concurrent (4.3)
    System.ComponentModel.Primitives (4.3) - framework: net45
    System.ComponentModel.TypeConverter (4.3)
      System.ComponentModel.Primitives (>= 4.3) - framework: net45
    System.Console (4.3) - framework: net461
    System.Diagnostics.DiagnosticSource (4.3) - framework: net461
    System.Diagnostics.Tracing (4.3)
    System.Globalization.Calendars (4.3) - framework: net461
    System.IO.Compression (4.3)
    System.IO.Compression.ZipFile (4.3) - framework: net461
    System.IO.FileSystem (4.3) - framework: net461
      System.IO.FileSystem.Primitives (>= 4.3) - framework: net461
    System.IO.FileSystem.Primitives (4.3)
    System.Net.Http (4.3)
      System.Diagnostics.DiagnosticSource (>= 4.3) - framework: net461
      System.Security.Cryptography.X509Certificates (>= 4.3) - framework: net461
    System.Net.Sockets (4.3) - framework: net461
    System.Runtime.Handles (4.3) - framework: net461
    System.Runtime.InteropServices (4.3)
    System.Runtime.InteropServices.RuntimeInformation (4.3)
    System.Runtime.Numerics (4.3)
    System.Security.Cryptography.Algorithms (4.3) - framework: net461
      System.Security.Cryptography.Primitives (>= 4.3) - framework: net461
    System.Security.Cryptography.Encoding (4.3) - framework: net461
    System.Security.Cryptography.Primitives (4.3)
    System.Security.Cryptography.X509Certificates (4.3)
      System.Security.Cryptography.Algorithms (>= 4.3) - framework: net461
      System.Security.Cryptography.Encoding (>= 4.3) - framework: net461
    System.Threading.Timer (4.3) - framework: net461
